PATH
  remote: .
  specs:
    decidim (0.0.8.1)
      decidim-admin (= 0.0.8.1)
      decidim-api (= 0.0.8.1)
      decidim-budgets (= 0.0.8.1)
      decidim-comments (= 0.0.8.1)
      decidim-core (= 0.0.8.1)
      decidim-meetings (= 0.0.8.1)
      decidim-pages (= 0.0.8.1)
      decidim-proposals (= 0.0.8.1)
      decidim-results (= 0.0.8.1)
      decidim-system (= 0.0.8.1)
      rails (~> 5.0.2)
      rails-i18n (~> 5.0.2)
    decidim-admin (0.0.8.1)
      active_link_to (~> 1.0.0)
      carrierwave (~> 1.0.0.rc)
      decidim-core (= 0.0.8.1)
      devise (~> 4.2)
      devise-i18n (~> 1.1.0)
      devise_invitable (~> 1.7.0)
      foundation_rails_helper (~> 3.0.0.rc)
      jquery-rails (~> 4.3.1)
      rails (~> 5.0.2)
      rectify (~> 0.9.1)
      sassc-rails (~> 1.3.0)
    decidim-api (0.0.8.1)
      graphiql-rails (~> 1.4.1)
      graphql (~> 1.5.3)
      rack-cors (~> 0.4.0)
      rails (~> 5.0.2)
      sprockets-es6 (~> 0.9.2)
    decidim-budgets (0.0.8.1)
      decidim-comments (= 0.0.8.1)
      decidim-core (= 0.0.8.1)
      kaminari (~> 1.0.1)
      rectify (~> 0.9.1)
      searchlight (~> 4.1.0)
    decidim-comments (0.0.8.1)
      decidim-core (= 0.0.8.1)
      jquery-rails (~> 4.0)
      rails (~> 5.0.2)
    decidim-core (0.0.8.1)
      active_link_to (~> 1.0.4)
      autoprefixer-rails (~> 6.7, >= 6.7.4)
      cancancan (~> 1.16.0)
      carrierwave (~> 1.0.0)
      date_validator (~> 0.9.0)
      decidim-api (= 0.0.8.1)
      devise (~> 4.2)
      devise-i18n (~> 1.1.0)
      file_validators (~> 2.1.0)
      foundation-rails (~> 6.3.1.0)
      foundation_rails_helper (~> 3.0.0.rc)
      geocoder (~> 1.4.2)
      high_voltage (~> 3.0.0)
      invisible_captcha (~> 0.9.2)
      jquery-rails (~> 4.3.1)
      mini_magick (~> 4.7.0)
      nokogiri (~> 1.7.1)
      omniauth (~> 1.6.1)
      omniauth-facebook (~> 4.0.0)
      omniauth-google-oauth2 (~> 0.4.1)
      omniauth-twitter (~> 1.4.0)
      pg (~> 0.20.0)
      premailer-rails (~> 1.9.5)
      rails (~> 5.0.2)
      rectify (~> 0.9.1)
      redis (~> 3.3.3)
      sassc-rails (~> 1.3.0)
      sprockets-es6 (~> 0.9.2)
      truncato (~> 0.7.9)
      wisper (~> 2.0.0)
    decidim-meetings (0.0.8.1)
      date_validator (~> 0.9)
      decidim-core (= 0.0.8.1)
      httparty (~> 0.14.0)
      jquery-tmpl-rails (~> 1.1.0)
      kaminari (~> 1.0.1)
      rectify (~> 0.8)
      searchlight (~> 4.1.0)
    decidim-pages (0.0.8.1)
      decidim-comments (= 0.0.8.1)
      decidim-core (= 0.0.8.1)
      rectify (~> 0.9.1)
    decidim-proposals (0.0.8.1)
      decidim-comments (= 0.0.8.1)
      decidim-core (= 0.0.8.1)
      kaminari (~> 1.0.1)
      rectify (~> 0.9.1)
      social-share-button (~> 0.10.0)
    decidim-results (0.0.8.1)
      decidim-comments (= 0.0.8.1)
      decidim-core (= 0.0.8.1)
      kaminari (~> 1.0.1)
      rectify (~> 0.9.1)
      searchlight (~> 4.1.0)
    decidim-system (0.0.8.1)
      active_link_to (~> 1.0.0)
      decidim-core (= 0.0.8.1)
      devise (~> 4.2)
      devise-i18n (~> 1.1.0)
      devise_invitable (~> 1.7.1)
      foundation_rails_helper (~> 3.0.0.rc)
      jquery-rails (~> 4.3.1)
      rails (~> 5.0.2)
      rectify (~> 0.9.1)
      sassc-rails (~> 1.3.0)

GEM
  remote: https://rubygems.org/
  specs:
    actioncable (5.0.2)
      actionpack (= 5.0.2)
      nio4r (>= 1.2, < 3.0)
      websocket-driver (~> 0.6.1)
    actionmailer (5.0.2)
      actionpack (= 5.0.2)
      actionview (= 5.0.2)
      activejob (= 5.0.2)
      mail (~> 2.5, >= 2.5.4)
      rails-dom-testing (~> 2.0)
    actionpack (5.0.2)
      actionview (= 5.0.2)
      activesupport (= 5.0.2)
      rack (~> 2.0)
      rack-test (~> 0.6.3)
      rails-dom-testing (~> 2.0)
      rails-html-sanitizer (~> 1.0, >= 1.0.2)
    actionview (5.0.2)
      activesupport (= 5.0.2)
      builder (~> 3.1)
      erubis (~> 2.7.0)
      rails-dom-testing (~> 2.0)
      rails-html-sanitizer (~> 1.0, >= 1.0.3)
    active_link_to (1.0.4)
      actionpack
      addressable
    activejob (5.0.2)
      activesupport (= 5.0.2)
      globalid (>= 0.3.6)
    activemodel (5.0.2)
      activesupport (= 5.0.2)
    activerecord (5.0.2)
      activemodel (= 5.0.2)
      activesupport (= 5.0.2)
      arel (~> 7.0)
    activesupport (5.0.2)
      concurrent-ruby (~> 1.0, >= 1.0.2)
      i18n (~> 0.7)
      minitest (~> 5.1)
      tzinfo (~> 1.1)
    addressable (2.5.1)
      public_suffix (~> 2.0, >= 2.0.2)
    arel (7.1.4)
    autoprefixer-rails (6.7.7.2)
      execjs
    axiom-types (0.1.1)
      descendants_tracker (~> 0.0.4)
      ice_nine (~> 0.11.0)
      thread_safe (~> 0.3, >= 0.3.1)
    babel-source (5.8.35)
    babel-transpiler (0.7.0)
      babel-source (>= 4.0, < 6)
      execjs (~> 2.0)
    bcrypt (3.1.11)
    builder (3.2.3)
    cancancan (1.16.0)
    carrierwave (1.0.0)
      activemodel (>= 4.0.0)
      activesupport (>= 4.0.0)
      mime-types (>= 1.16)
    coercible (1.0.0)
      descendants_tracker (~> 0.0.1)
    coffee-rails (4.2.1)
      coffee-script (>= 2.2.0)
      railties (>= 4.0.0, < 5.2.x)
    coffee-script (2.4.1)
      coffee-script-source
      execjs
    coffee-script-source (1.12.2)
    concurrent-ruby (1.0.5)
    css_parser (1.5.0)
      addressable
    date_validator (0.9.0)
      activemodel
      activesupport
    descendants_tracker (0.0.4)
      thread_safe (~> 0.3, >= 0.3.1)
    devise (4.2.1)
      bcrypt (~> 3.0)
      orm_adapter (~> 0.1)
      railties (>= 4.1.0, < 5.1)
      responders
      warden (~> 1.2.3)
    devise-i18n (1.1.2)
    devise_invitable (1.7.2)
      actionmailer (>= 4.1.0)
      devise (>= 4.0.0)
    diff-lcs (1.3)
    equalizer (0.0.11)
    erubis (2.7.0)
    execjs (2.7.0)
    faraday (0.11.0)
      multipart-post (>= 1.2, < 3)
    ffi (1.9.18)
    file_validators (2.1.0)
      activemodel (>= 3.0)
      mime-types (>= 1.0)
    foundation-rails (6.3.1.0)
      railties (>= 3.1.0)
      sass (>= 3.3.0, < 3.5)
      sprockets-es6 (>= 0.9.0)
    foundation_rails_helper (3.0.0.rc2)
      actionpack (>= 4.1)
      activemodel (>= 4.1)
      activesupport (>= 4.1)
      railties (>= 4.1)
      tzinfo (~> 1.2, >= 1.2.2)
    geocoder (1.4.3)
    globalid (0.4.0)
      activesupport (>= 4.2.0)
    graphiql-rails (1.4.1)
      rails
    graphql (1.5.10)
    hashie (3.5.5)
    high_voltage (3.0.0)
    htmlentities (4.3.4)
    httparty (0.14.0)
      multi_xml (>= 0.5.2)
    i18n (0.8.1)
    ice_nine (0.11.2)
    invisible_captcha (0.9.2)
      rails (>= 3.2.0)
    jquery-rails (4.3.1)
      rails-dom-testing (>= 1, < 3)
      railties (>= 4.2.0)
      thor (>= 0.14, < 2.0)
    jquery-tmpl-rails (1.1.0)
      rails (>= 3.1.0)
    jwt (1.5.6)
    kaminari (1.0.1)
      activesupport (>= 4.1.0)
      kaminari-actionview (= 1.0.1)
      kaminari-activerecord (= 1.0.1)
      kaminari-core (= 1.0.1)
    kaminari-actionview (1.0.1)
      actionview
      kaminari-core (= 1.0.1)
    kaminari-activerecord (1.0.1)
      activerecord
      kaminari-core (= 1.0.1)
    kaminari-core (1.0.1)
    loofah (2.0.3)
      nokogiri (>= 1.5.9)
    mail (2.6.5)
      mime-types (>= 1.16, < 4)
    method_source (0.8.2)
    mime-types (3.1)
      mime-types-data (~> 3.2015)
    mime-types-data (3.2016.0521)
    mini_magick (4.7.0)
    mini_portile2 (2.1.0)
    minitest (5.10.1)
    multi_json (1.12.1)
    multi_xml (0.6.0)
    multipart-post (2.0.0)
    nio4r (2.0.0)
    nokogiri (1.7.1)
      mini_portile2 (~> 2.1.0)
    oauth (0.5.1)
    oauth2 (1.3.1)
      faraday (>= 0.8, < 0.12)
      jwt (~> 1.0)
      multi_json (~> 1.3)
      multi_xml (~> 0.5)
      rack (>= 1.2, < 3)
    omniauth (1.6.1)
      hashie (>= 3.4.6, < 3.6.0)
      rack (>= 1.6.2, < 3)
    omniauth-facebook (4.0.0)
      omniauth-oauth2 (~> 1.2)
    omniauth-google-oauth2 (0.4.1)
      jwt (~> 1.5.2)
      multi_json (~> 1.3)
      omniauth (>= 1.1.1)
      omniauth-oauth2 (>= 1.3.1)
    omniauth-oauth (1.1.0)
      oauth
      omniauth (~> 1.0)
    omniauth-oauth2 (1.4.0)
      oauth2 (~> 1.0)
      omniauth (~> 1.2)
    omniauth-twitter (1.4.0)
      omniauth-oauth (~> 1.1)
      rack
    orm_adapter (0.5.0)
    pg (0.20.0)
    premailer (1.10.3)
      addressable
      css_parser (>= 1.4.10)
      htmlentities (>= 4.0.0)
    premailer-rails (1.9.6)
      actionmailer (>= 3, < 6)
      premailer (~> 1.7, >= 1.7.9)
    public_suffix (2.0.5)
    rack (2.0.1)
    rack-cors (0.4.1)
    rack-test (0.6.3)
      rack (>= 1.0)
    rails (5.0.2)
      actioncable (= 5.0.2)
      actionmailer (= 5.0.2)
      actionpack (= 5.0.2)
      actionview (= 5.0.2)
      activejob (= 5.0.2)
      activemodel (= 5.0.2)
      activerecord (= 5.0.2)
      activesupport (= 5.0.2)
      bundler (>= 1.3.0, < 2.0)
      railties (= 5.0.2)
      sprockets-rails (>= 2.0.0)
    rails-dom-testing (2.0.2)
      activesupport (>= 4.2.0, < 6.0)
      nokogiri (~> 1.6)
    rails-html-sanitizer (1.0.3)
      loofah (~> 2.0)
    rails-i18n (5.0.3)
      i18n (~> 0.7)
      railties (~> 5.0)
    railties (5.0.2)
      actionpack (= 5.0.2)
      activesupport (= 5.0.2)
      method_source
      rake (>= 0.8.7)
      thor (>= 0.18.1, < 2.0)
    rake (12.0.0)
    rectify (0.9.1)
      activemodel (>= 4.1.0)
      activerecord (>= 4.1.0)
      activesupport (>= 4.1.0)
      virtus (~> 1.0.5)
      wisper (>= 1.6.1)
    redis (3.3.3)
    responders (2.3.0)
      railties (>= 4.2.0, < 5.1)
    rspec (3.5.0)
      rspec-core (~> 3.5.0)
      rspec-expectations (~> 3.5.0)
      rspec-mocks (~> 3.5.0)
    rspec-core (3.5.4)
      rspec-support (~> 3.5.0)
    rspec-expectations (3.5.0)
      diff-lcs (>= 1.2.0, < 2.0)
      rspec-support (~> 3.5.0)
    rspec-mocks (3.5.0)
      diff-lcs (>= 1.2.0, < 2.0)
      rspec-support (~> 3.5.0)
    rspec-support (3.5.0)
    sass (3.4.23)
    sassc (1.11.2)
      bundler
      ffi (~> 1.9.6)
      sass (>= 3.3.0)
    sassc-rails (1.3.0)
      railties (>= 4.0.0)
      sass
      sassc (~> 1.9)
      sprockets (> 2.11)
      sprockets-rails
      tilt
    searchlight (4.1.0)
    social-share-button (0.10.0)
      coffee-rails
    sprockets (3.7.1)
      concurrent-ruby (~> 1.0)
      rack (> 1, < 3)
    sprockets-es6 (0.9.2)
      babel-source (>= 5.8.11)
      babel-transpiler
      sprockets (>= 3.0.0)
    sprockets-rails (3.2.0)
      actionpack (>= 4.0)
      activesupport (>= 4.0)
      sprockets (>= 3.0.0)
    thor (0.19.4)
    thread_safe (0.3.6)
    tilt (2.0.7)
    truncato (0.7.9)
      htmlentities (~> 4.3.1)
      nokogiri (~> 1.7.0)
    tzinfo (1.2.3)
      thread_safe (~> 0.1)
    virtus (1.0.5)
      axiom-types (~> 0.1)
      coercible (~> 1.0)
      descendants_tracker (~> 0.0, >= 0.0.3)
      equalizer (~> 0.0, >= 0.0.9)
    warden (1.2.7)
      rack (>= 1.0)
    websocket-driver (0.6.5)
      websocket-extensions (>= 0.1.0)
    websocket-extensions (0.1.2)
    wisper (2.0.0)

PLATFORMS
  ruby

DEPENDENCIES
  bundler (~> 1.12)
  decidim!
  rake (~> 12.0.0)
  rspec (~> 3.0)

RUBY VERSION
   ruby 2.4.1p111

BUNDLED WITH
   1.14.6
