GIT
  remote: https://github.com/rails/rails
  revision: b1b0a334b8fe3a3fb363d6a4b8a35272231fc4f3
  branch: 5-1-stable
  specs:
    actioncable (5.1.6)
      actionpack (= 5.1.6)
      nio4r (~> 2.0)
      websocket-driver (~> 0.6.1)
    actionmailer (5.1.6)
      actionpack (= 5.1.6)
      actionview (= 5.1.6)
      activejob (= 5.1.6)
      mail (~> 2.5, >= 2.5.4)
      rails-dom-testing (~> 2.0)
    actionpack (5.1.6)
      actionview (= 5.1.6)
      activesupport (= 5.1.6)
      rack (~> 2.0)
      rack-test (>= 0.6.3)
      rails-dom-testing (~> 2.0)
      rails-html-sanitizer (~> 1.0, >= 1.0.2)
    actionview (5.1.6)
      activesupport (= 5.1.6)
      builder (~> 3.1)
      erubi (~> 1.4)
      rails-dom-testing (~> 2.0)
      rails-html-sanitizer (~> 1.0, >= 1.0.3)
    activejob (5.1.6)
      activesupport (= 5.1.6)
      globalid (>= 0.3.6)
    activemodel (5.1.6)
      activesupport (= 5.1.6)
    activerecord (5.1.6)
      activemodel (= 5.1.6)
      activesupport (= 5.1.6)
      arel (~> 8.0)
    activesupport (5.1.6)
      concurrent-ruby (~> 1.0, >= 1.0.2)
      i18n (>= 0.7, < 2)
      minitest (~> 5.1)
      tzinfo (~> 1.1)
    rails (5.1.6)
      actioncable (= 5.1.6)
      actionmailer (= 5.1.6)
      actionpack (= 5.1.6)
      actionview (= 5.1.6)
      activejob (= 5.1.6)
      activemodel (= 5.1.6)
      activerecord (= 5.1.6)
      activesupport (= 5.1.6)
      bundler (>= 1.3.0)
      railties (= 5.1.6)
      sprockets-rails (>= 2.0.0)
    railties (5.1.6)
      actionpack (= 5.1.6)
      activesupport (= 5.1.6)
      method_source
      rake (>= 0.8.7)
      thor (>= 0.18.1, < 2.0)

PATH
  remote: .
  specs:
    decidim (0.12.0.dev)
      decidim-accountability (= 0.12.0.dev)
      decidim-admin (= 0.12.0.dev)
      decidim-api (= 0.12.0.dev)
      decidim-assemblies (= 0.12.0.dev)
      decidim-blogs (= 0.12.0.dev)
      decidim-budgets (= 0.12.0.dev)
      decidim-comments (= 0.12.0.dev)
      decidim-core (= 0.12.0.dev)
      decidim-debates (= 0.12.0.dev)
      decidim-generators (= 0.12.0.dev)
      decidim-meetings (= 0.12.0.dev)
      decidim-pages (= 0.12.0.dev)
      decidim-participatory_processes (= 0.12.0.dev)
      decidim-proposals (= 0.12.0.dev)
      decidim-sortitions (= 0.12.0.dev)
      decidim-surveys (= 0.12.0.dev)
      decidim-system (= 0.12.0.dev)
      decidim-verifications (= 0.12.0.dev)
    decidim-accountability (0.12.0.dev)
      decidim-comments (= 0.12.0.dev)
      decidim-core (= 0.12.0.dev)
      kaminari (~> 1.0)
      searchlight (~> 4.1)
    decidim-admin (0.12.0.dev)
      active_link_to (~> 1.0)
      decidim-core (= 0.12.0.dev)
      devise (~> 4.2)
      devise-i18n (~> 1.2)
      devise_invitable (~> 1.7)
      jquery-rails (~> 4.3)
      sassc-rails (~> 1.3)
    decidim-api (0.12.0.dev)
      graphiql-rails (~> 1.4)
      graphql (~> 1.6)
      rack-cors (~> 1.0)
      sprockets-es6 (~> 0.9.2)
    decidim-assemblies (0.12.0.dev)
      decidim-core (= 0.12.0.dev)
    decidim-blogs (0.12.0.dev)
      decidim-admin (= 0.12.0.dev)
      decidim-comments (= 0.12.0.dev)
      decidim-core (= 0.12.0.dev)
      httparty (~> 0.16.0)
      jquery-tmpl-rails (~> 1.1)
      kaminari (~> 1.0)
    decidim-budgets (0.12.0.dev)
      decidim-comments (= 0.12.0.dev)
      decidim-core (= 0.12.0.dev)
      kaminari (~> 1.0)
      searchlight (~> 4.1)
    decidim-comments (0.12.0.dev)
      decidim-core (= 0.12.0.dev)
      jquery-rails (~> 4.0)
    decidim-consultations (0.12.0.dev)
      decidim-admin (= 0.12.0.dev)
      decidim-comments (= 0.12.0.dev)
      decidim-core (= 0.12.0.dev)
    decidim-core (0.12.0.dev)
      active_link_to (~> 1.0)
      autoprefixer-rails (~> 8.0)
      carrierwave (~> 1.1)
      cells-erb (~> 0.1.0)
      cells-rails (~> 0.0.9)
      date_validator (~> 0.9.0)
      decidim-api (= 0.12.0.dev)
      devise (~> 4.3)
      devise-i18n (~> 1.2)
      doorkeeper (~> 4.3)
      doorkeeper-i18n (~> 4.0)
      file_validators (~> 2.1)
      foundation-rails (~> 6.4, < 6.5)
      foundation_rails_helper (~> 3.0)
      geocoder (~> 1.4)
      invisible_captcha (~> 0.10.0)
      jquery-rails (~> 4.3)
      loofah (~> 2.0, >= 2.2.1)
      mini_magick (~> 4.8)
      omniauth (~> 1.6)
      omniauth-facebook (~> 4.0)
      omniauth-google-oauth2 (~> 0.5.0)
      omniauth-twitter (~> 1.4)
      paper_trail (~> 8.0)
      pg (>= 0.18, < 2)
      premailer-rails (~> 1.9)
      rails (~> 5.1, < 5.2.x)
      rails-i18n (~> 5.0)
      rectify (~> 0.11.0)
      redis (~> 4.0)
      rubyzip (~> 1.2)
      sassc-rails (~> 1.3)
      spreadsheet (~> 1.1)
      sprockets-es6 (~> 0.9.2)
      truncato (~> 0.7.10)
      uglifier (~> 4.0)
      valid_email2 (~> 2.1)
      wisper (~> 2.0)
    decidim-debates (0.12.0.dev)
      decidim-comments (= 0.12.0.dev)
      decidim-core (= 0.12.0.dev)
      kaminari (~> 1.0)
      searchlight (~> 4.1)
    decidim-dev (0.12.0.dev)
      byebug (~> 10.0)
      capybara (~> 3.0)
      db-query-matchers (~> 0.9.0)
      decidim (= 0.12.0.dev)
      erb_lint (~> 0.0.22)
      factory_bot_rails (~> 4.8)
      i18n-tasks (~> 0.9.18)
      nokogiri (~> 1.8, >= 1.8.2)
      puma (~> 3.11)
      rails-controller-testing (~> 1.0)
      rspec-cells (~> 0.3.4)
      rspec-html-matchers (~> 0.9.1)
      rspec-rails (~> 3.7)
      rspec_junit_formatter (~> 0.3.0)
      rubocop (~> 0.54.0)
      rubocop-rspec (~> 1.21)
      selenium-webdriver (~> 3.7)
      simplecov (~> 0.13)
      webmock (~> 3.0)
      wisper-rspec (~> 1.0)
    decidim-generators (0.12.0.dev)
      decidim-core (= 0.12.0.dev)
    decidim-initiatives (0.12.0.dev)
      decidim-admin (= 0.12.0.dev)
      decidim-comments (= 0.12.0.dev)
      decidim-core (= 0.12.0.dev)
      decidim-verifications (= 0.12.0.dev)
      kaminari (~> 1.0)
      social-share-button (~> 1.0)
      wicked (~> 1.3)
    decidim-meetings (0.12.0.dev)
      cells-erb (~> 0.1.0)
      cells-rails (~> 0.0.9)
      decidim-core (= 0.12.0.dev)
      httparty (~> 0.16.0)
      icalendar (~> 2.4)
      jquery-tmpl-rails (~> 1.1)
      kaminari (~> 1.0)
      searchlight (~> 4.1)
    decidim-pages (0.12.0.dev)
      decidim-core (= 0.12.0.dev)
    decidim-participatory_processes (0.12.0.dev)
      decidim-core (= 0.12.0.dev)
    decidim-proposals (0.12.0.dev)
      cells-erb (~> 0.1.0)
      cells-rails (~> 0.0.9)
      decidim-comments (= 0.12.0.dev)
      decidim-core (= 0.12.0.dev)
      kaminari (~> 1.0)
      ransack (~> 1.8)
      social-share-button (~> 1.0)
    decidim-sortitions (0.12.0.dev)
      decidim-admin (= 0.12.0.dev)
      decidim-comments (= 0.12.0.dev)
      decidim-core (= 0.12.0.dev)
      decidim-proposals (= 0.12.0.dev)
      social-share-button (~> 1.0)
    decidim-surveys (0.12.0.dev)
      decidim-core (= 0.12.0.dev)
    decidim-system (0.12.0.dev)
      active_link_to (~> 1.0)
      decidim-core (= 0.12.0.dev)
      devise (~> 4.2)
      devise-i18n (~> 1.2)
      devise_invitable (~> 1.7)
      jquery-rails (~> 4.3)
      sassc-rails (~> 1.3)
    decidim-verifications (0.12.0.dev)
      decidim-core (= 0.12.0.dev)

GEM
  remote: https://rubygems.org/
  specs:
    active_link_to (1.0.5)
      actionpack
      addressable
    addressable (2.5.2)
      public_suffix (>= 2.0.2, < 4.0)
    arel (8.0.0)
    ast (2.4.0)
    autoprefixer-rails (8.5.0)
      execjs
    axiom-types (0.1.1)
      descendants_tracker (~> 0.0.4)
      ice_nine (~> 0.11.0)
      thread_safe (~> 0.3, >= 0.3.1)
    babel-source (5.8.35)
    babel-transpiler (0.7.0)
      babel-source (>= 4.0, < 6)
      execjs (~> 2.0)
    bcrypt (3.1.11)
    better_html (1.0.7)
      actionview (>= 4.0)
      activesupport (>= 4.0)
      ast (~> 2.0)
      erubi (~> 1.4)
      html_tokenizer (~> 0.0.6)
      parser (>= 2.4)
      smart_properties
    bindex (0.5.0)
    builder (3.2.3)
    byebug (10.0.2)
    capybara (3.0.3)
      addressable
      mini_mime (>= 0.1.3)
      nokogiri (~> 1.8)
      rack (>= 1.6.0)
      rack-test (>= 0.6.3)
      xpath (~> 3.0)
    carrierwave (1.2.2)
      activemodel (>= 4.0.0)
      activesupport (>= 4.0.0)
      mime-types (>= 1.16)
    cells (4.1.7)
      declarative-builder (< 0.2.0)
      declarative-option (< 0.2.0)
      tilt (>= 1.4, < 3)
      uber (< 0.2.0)
    cells-erb (0.1.0)
      cells (~> 4.0)
      erbse (>= 0.1.1)
    cells-rails (0.0.9)
      actionpack (>= 3.0)
      cells (>= 4.1.6, < 5.0.0)
    childprocess (0.9.0)
      ffi (~> 1.0, >= 1.0.11)
    coercible (1.0.0)
      descendants_tracker (~> 0.0.1)
    coffee-rails (4.2.2)
      coffee-script (>= 2.2.0)
      railties (>= 4.0.0)
    coffee-script (2.4.1)
      coffee-script-source
      execjs
    coffee-script-source (1.12.2)
    colorize (0.8.1)
    concurrent-ruby (1.0.5)
    crack (0.4.3)
      safe_yaml (~> 1.0.0)
    crass (1.0.4)
    css_parser (1.6.0)
      addressable
    date_validator (0.9.0)
      activemodel
      activesupport
    db-query-matchers (0.9.0)
      activesupport (>= 4.0, <= 6.0)
      rspec (~> 3.0)
    declarative-builder (0.1.0)
      declarative-option (< 0.2.0)
    declarative-option (0.1.0)
    descendants_tracker (0.0.4)
      thread_safe (~> 0.3, >= 0.3.1)
    devise (4.4.3)
      bcrypt (~> 3.0)
      orm_adapter (~> 0.1)
      railties (>= 4.1.0, < 6.0)
      responders
      warden (~> 1.2.3)
    devise-i18n (1.6.2)
      devise (>= 4.4)
    devise_invitable (1.7.4)
      actionmailer (>= 4.1.0)
      devise (>= 4.0.0)
    diff-lcs (1.3)
    docile (1.3.0)
    doorkeeper (4.3.2)
      railties (>= 4.2)
    doorkeeper-i18n (4.0.0)
    easy_translate (0.5.1)
      thread
      thread_safe
    equalizer (0.0.11)
    erb_lint (0.0.24)
      activesupport
      better_html (~> 1.0.7)
      colorize
      html_tokenizer
      rubocop (~> 0.51)
      smart_properties
    erbse (0.1.3)
      temple
    erubi (1.7.1)
    execjs (2.7.0)
    factory_bot (4.8.2)
      activesupport (>= 3.0.0)
    factory_bot_rails (4.8.2)
      factory_bot (~> 4.8.2)
      railties (>= 3.0.0)
    faker (1.8.7)
      i18n (>= 0.7)
    faraday (0.12.2)
      multipart-post (>= 1.2, < 3)
    ffi (1.9.23)
    file_validators (2.3.0)
      activemodel (>= 3.2)
      mime-types (>= 1.0)
    foundation-rails (6.4.3.0)
      railties (>= 3.1.0)
      sass (>= 3.3.0, < 3.5)
      sprockets-es6 (>= 0.9.0)
    foundation_rails_helper (3.0.0)
      actionpack (>= 4.1, < 6.0)
      activemodel (>= 4.1, < 6.0)
      activesupport (>= 4.1, < 6.0)
      railties (>= 4.1, < 6.0)
      tzinfo (~> 1.2, >= 1.2.2)
    geocoder (1.4.7)
    globalid (0.4.1)
      activesupport (>= 4.2.0)
    graphiql-rails (1.4.10)
      railties
      sprockets-rails
    graphql (1.7.14)
    hashdiff (0.3.7)
    hashie (3.5.7)
    highline (1.7.10)
    html_tokenizer (0.0.6)
    htmlentities (4.3.4)
    httparty (0.16.2)
      multi_xml (>= 0.5.2)
    i18n (1.0.1)
      concurrent-ruby (~> 1.0)
    i18n-tasks (0.9.21)
      activesupport (>= 4.0.2)
      ast (>= 2.1.0)
      easy_translate (>= 0.5.1)
      erubi
      highline (>= 1.7.3)
      i18n
      parser (>= 2.2.3.0)
      rainbow (>= 2.2.2, < 4.0)
      terminal-table (>= 1.5.1)
    icalendar (2.4.1)
    ice_nine (0.11.2)
    invisible_captcha (0.10.0)
      rails (>= 3.2.0)
    jquery-rails (4.3.3)
      rails-dom-testing (>= 1, < 3)
      railties (>= 4.2.0)
      thor (>= 0.14, < 2.0)
    jquery-tmpl-rails (1.1.0)
      rails (>= 3.1.0)
    json (2.1.0)
    jwt (1.5.6)
    kaminari (1.1.1)
      activesupport (>= 4.1.0)
      kaminari-actionview (= 1.1.1)
      kaminari-activerecord (= 1.1.1)
      kaminari-core (= 1.1.1)
    kaminari-actionview (1.1.1)
      actionview
      kaminari-core (= 1.1.1)
    kaminari-activerecord (1.1.1)
      activerecord
      kaminari-core (= 1.1.1)
    kaminari-core (1.1.1)
    launchy (2.4.3)
      addressable (~> 2.3)
    letter_opener (1.6.0)
      launchy (~> 2.2)
    letter_opener_web (1.3.4)
      actionmailer (>= 3.2)
      letter_opener (~> 1.0)
      railties (>= 3.2)
    listen (3.1.5)
      rb-fsevent (~> 0.9, >= 0.9.4)
      rb-inotify (~> 0.9, >= 0.9.7)
      ruby_dep (~> 1.2)
    loofah (2.2.2)
      crass (~> 1.0.2)
      nokogiri (>= 1.5.9)
    mail (2.7.0)
      mini_mime (>= 0.1.1)
    method_source (0.9.0)
    mime-types (3.1)
      mime-types-data (~> 3.2015)
    mime-types-data (3.2016.0521)
    mini_magick (4.8.0)
    mini_mime (1.0.0)
    mini_portile2 (2.3.0)
    minitest (5.11.3)
    multi_json (1.13.1)
    multi_xml (0.6.0)
    multipart-post (2.0.0)
    nio4r (2.3.1)
    nokogiri (1.8.2)
      mini_portile2 (~> 2.3.0)
    oauth (0.5.4)
    oauth2 (1.4.0)
      faraday (>= 0.8, < 0.13)
      jwt (~> 1.0)
      multi_json (~> 1.3)
      multi_xml (~> 0.5)
      rack (>= 1.2, < 3)
    omniauth (1.8.1)
      hashie (>= 3.4.6, < 3.6.0)
      rack (>= 1.6.2, < 3)
    omniauth-facebook (4.0.0)
      omniauth-oauth2 (~> 1.2)
    omniauth-google-oauth2 (0.5.3)
      jwt (>= 1.5)
      omniauth (>= 1.1.1)
      omniauth-oauth2 (>= 1.5)
    omniauth-oauth (1.1.0)
      oauth
      omniauth (~> 1.0)
    omniauth-oauth2 (1.5.0)
      oauth2 (~> 1.1)
      omniauth (~> 1.2)
    omniauth-twitter (1.4.0)
      omniauth-oauth (~> 1.1)
      rack
    orm_adapter (0.5.0)
    paper_trail (8.1.2)
      activerecord (>= 4.2, < 5.2)
      request_store (~> 1.1)
    parallel (1.12.1)
    parser (2.5.1.0)
      ast (~> 2.4.0)
    pg (1.0.0)
    polyamorous (1.3.3)
      activerecord (>= 3.0)
    powerpack (0.1.1)
    premailer (1.11.1)
      addressable
      css_parser (>= 1.6.0)
      htmlentities (>= 4.0.0)
    premailer-rails (1.10.2)
      actionmailer (>= 3, < 6)
      premailer (~> 1.7, >= 1.7.9)
    public_suffix (3.0.2)
    puma (3.11.4)
    rack (2.0.5)
    rack-cors (1.0.2)
    rack-test (1.0.0)
      rack (>= 1.0, < 3)
    rails-controller-testing (1.0.2)
      actionpack (~> 5.x, >= 5.0.1)
      actionview (~> 5.x, >= 5.0.1)
      activesupport (~> 5.x)
    rails-dom-testing (2.0.3)
      activesupport (>= 4.2.0)
      nokogiri (>= 1.6)
    rails-html-sanitizer (1.0.4)
      loofah (~> 2.2, >= 2.2.2)
    rails-i18n (5.1.1)
      i18n (>= 0.7, < 2)
      railties (>= 5.0, < 6)
    rainbow (3.0.0)
    rake (12.3.1)
    ransack (1.8.8)
      actionpack (>= 3.0)
      activerecord (>= 3.0)
      activesupport (>= 3.0)
      i18n
      polyamorous (~> 1.3.2)
    rb-fsevent (0.10.3)
    rb-inotify (0.9.10)
      ffi (>= 0.5.0, < 2)
    rectify (0.11.0)
      activemodel (>= 4.1.0)
      activerecord (>= 4.1.0)
      activesupport (>= 4.1.0)
      virtus (~> 1.0.5)
      wisper (>= 1.6.1)
    redis (4.0.1)
    request_store (1.4.1)
      rack (>= 1.4)
    responders (2.4.0)
      actionpack (>= 4.2.0, < 5.3)
      railties (>= 4.2.0, < 5.3)
    rspec (3.7.0)
      rspec-core (~> 3.7.0)
      rspec-expectations (~> 3.7.0)
      rspec-mocks (~> 3.7.0)
    rspec-cells (0.3.4)
      cells (>= 4.0.0, < 6.0.0)
      rspec-rails (~> 3.2)
    rspec-core (3.7.1)
      rspec-support (~> 3.7.0)
    rspec-expectations (3.7.0)
      diff-lcs (>= 1.2.0, < 2.0)
      rspec-support (~> 3.7.0)
    rspec-html-matchers (0.9.1)
      nokogiri (~> 1)
      rspec (>= 3.0.0.a, < 4)
    rspec-mocks (3.7.0)
      diff-lcs (>= 1.2.0, < 2.0)
      rspec-support (~> 3.7.0)
    rspec-rails (3.7.2)
      actionpack (>= 3.0)
      activesupport (>= 3.0)
      railties (>= 3.0)
      rspec-core (~> 3.7.0)
      rspec-expectations (~> 3.7.0)
      rspec-mocks (~> 3.7.0)
      rspec-support (~> 3.7.0)
    rspec-support (3.7.1)
    rspec_junit_formatter (0.3.0)
      rspec-core (>= 2, < 4, != 2.12.0)
    rubocop (0.54.0)
      parallel (~> 1.10)
      parser (>= 2.5)
      powerpack (~> 0.1)
      rainbow (>= 2.2.2, < 4.0)
      ruby-progressbar (~> 1.7)
      unicode-display_width (~> 1.0, >= 1.0.1)
    rubocop-rspec (1.25.1)
      rubocop (>= 0.53.0)
    ruby-ole (1.2.12.1)
    ruby-progressbar (1.9.0)
    ruby_dep (1.5.0)
    rubyzip (1.2.1)
    safe_yaml (1.0.4)
    sass (3.4.25)
    sassc (1.11.4)
      bundler
      ffi (~> 1.9.6)
      sass (>= 3.3.0)
    sassc-rails (1.3.0)
      railties (>= 4.0.0)
      sass
      sassc (~> 1.9)
      sprockets (> 2.11)
      sprockets-rails
      tilt
    searchlight (4.1.0)
    selenium-webdriver (3.12.0)
      childprocess (~> 0.5)
      rubyzip (~> 1.2)
    simplecov (0.16.1)
      docile (~> 1.1)
      json (>= 1.8, < 3)
      simplecov-html (~> 0.10.0)
    simplecov-html (0.10.2)
    smart_properties (1.13.1)
    social-share-button (1.1.0)
      coffee-rails
    spreadsheet (1.1.7)
      ruby-ole (>= 1.0)
    spring (2.0.2)
      activesupport (>= 4.2)
    spring-watcher-listen (2.0.1)
      listen (>= 2.7, < 4.0)
      spring (>= 1.2, < 3.0)
    sprockets (3.7.1)
      concurrent-ruby (~> 1.0)
      rack (> 1, < 3)
    sprockets-es6 (0.9.2)
      babel-source (>= 5.8.11)
      babel-transpiler
      sprockets (>= 3.0.0)
    sprockets-rails (3.2.1)
      actionpack (>= 4.0)
      activesupport (>= 4.0)
      sprockets (>= 3.0.0)
    temple (0.8.0)
    terminal-table (1.8.0)
      unicode-display_width (~> 1.1, >= 1.1.1)
    thor (0.20.0)
    thread (0.2.2)
    thread_safe (0.3.6)
    tilt (2.0.8)
    truncato (0.7.10)
      htmlentities (~> 4.3.1)
      nokogiri (~> 1.8.0, >= 1.7.0)
    tzinfo (1.2.5)
      thread_safe (~> 0.1)
    uber (0.1.0)
    uglifier (4.1.10)
      execjs (>= 0.3.0, < 3)
    unicode-display_width (1.3.2)
    valid_email2 (2.2.3)
      activemodel (>= 3.2)
      mail (~> 2.5)
    virtus (1.0.5)
      axiom-types (~> 0.1)
      coercible (~> 1.0)
      descendants_tracker (~> 0.0, >= 0.0.3)
      equalizer (~> 0.0, >= 0.0.9)
    warden (1.2.7)
      rack (>= 1.0)
    web-console (3.6.1)
      actionview (>= 5.0)
      activemodel (>= 5.0)
      bindex (>= 0.4.0)
      railties (>= 5.0)
    webmock (3.4.1)
      addressable (>= 2.3.6)
      crack (>= 0.3.2)
      hashdiff
    websocket-driver (0.6.5)
      websocket-extensions (>= 0.1.0)
    websocket-extensions (0.1.3)
    wicked (1.3.2)
      railties (>= 3.0.7)
    wisper (2.0.0)
    wisper-rspec (1.0.1)
    xpath (3.0.0)
      nokogiri (~> 1.8)

PLATFORMS
  ruby

DEPENDENCIES
  byebug (~> 10.0)
  decidim!
  decidim-consultations!
  decidim-dev!
  decidim-initiatives!
  faker (~> 1.8)
  letter_opener_web (~> 1.3)
  listen (~> 3.1)
  puma (~> 3.0)
  rails!
  spring (~> 2.0)
  spring-watcher-listen (~> 2.0)
  uglifier (~> 4.1)
  web-console (~> 3.5)

RUBY VERSION
   ruby 2.5.1p57

BUNDLED WITH
   1.16.1
