PATH
  remote: .
  specs:
    decidim (0.0.5)
      decidim-admin (= 0.0.5)
      decidim-api (= 0.0.5)
      decidim-budgets (= 0.0.5)
      decidim-comments (= 0.0.5)
      decidim-core (= 0.0.5)
      decidim-meetings (= 0.0.5)
      decidim-pages (= 0.0.5)
      decidim-proposals (= 0.0.5)
      decidim-results (= 0.0.5)
      decidim-system (= 0.0.5)
      rails (~> 5.0.2)
      rails-i18n (~> 5.0.2)
    decidim-budgets (0.0.5)
      decidim-comments (= 0.0.5)
      decidim-core (= 0.0.5)
      kaminari (~> 1.0.0.rc1)
      rectify (~> 0.8)
      searchlight (~> 4.1.0)
    decidim-proposals (0.0.5)
      decidim-comments (= 0.0.5)
      decidim-core (= 0.0.5)
      kaminari (~> 1.0.1)
      rectify (~> 0.8.0)
      social-share-button (~> 0.9.0)
    decidim-results (0.0.5)
      decidim-comments (= 0.0.5)
      decidim-core (= 0.0.5)
      kaminari (~> 1.0.0.rc1)
      rectify (~> 0.8)
      searchlight (~> 4.1.0)

PATH
  remote: decidim-admin
  specs:
    decidim-admin (0.0.5)
      active_link_to (~> 1.0.0)
      carrierwave (~> 1.0.0.rc)
      decidim-core (= 0.0.5)
      devise (~> 4.2)
      devise-i18n (~> 1.1.0)
      devise_invitable (~> 1.7.0)
      foundation_rails_helper (~> 3.0.0.rc)
      jquery-rails (~> 4.2.2)
      rails (~> 5.0.2)
      rectify (~> 0.8.0)
      sassc-rails (~> 1.3.0)

PATH
  remote: decidim-api
  specs:
    decidim-api (0.0.5)
      graphiql-rails (~> 1.4.1)
      graphql (~> 1.5.1)
      rack-cors (~> 0.4.0)
      rails (~> 5.0.2)
      sprockets-es6 (~> 0.9.2)

PATH
  remote: decidim-comments
  specs:
    decidim-comments (0.0.5)
      decidim-core (= 0.0.5)
      jquery-rails (~> 4.0)
      rails (~> 5.0.2)

PATH
  remote: decidim-core
  specs:
    decidim-core (0.0.5)
      active_link_to (~> 1.0.0)
      autoprefixer-rails (~> 6.7, >= 6.7.4)
      cancancan (~> 1.16.0)
      carrierwave (~> 1.0.0)
      date_validator (~> 0.9.0)
      decidim-api (= 0.0.5)
      devise (~> 4.2)
      devise-i18n (~> 1.1.0)
      file_validators (~> 2.1.0)
      foundation-rails (~> 6.3.0.0)
      foundation_rails_helper (~> 3.0.0.rc)
      geocoder (~> 1.4.2)
      high_voltage (~> 3.0.0)
      invisible_captcha (~> 0.9.2)
      jquery-rails (~> 4.2.2)
      mini_magick (~> 4.6.1)
      nokogiri (~> 1.7.0.1)
      omniauth (~> 1.6.1)
      omniauth-facebook (~> 4.0.0)
      omniauth-google-oauth2 (~> 0.4.1)
      omniauth-twitter (~> 1.4.0)
      pg (~> 0.19.0)
      premailer-rails (~> 1.9.5)
      rails (~> 5.0.2)
      rectify (~> 0.8.0)
      redis (~> 3.3.3)
      sassc-rails (~> 1.3.0)
      sprockets-es6 (~> 0.9.2)
      truncato (~> 0.7.9)
      wisper (~> 1.6.1)

PATH
  remote: decidim-dev
  specs:
    decidim-dev (0.0.5)
      byebug
      capybara (~> 2.12.0)
      capybara-screenshot (~> 1.0.14)
      codecov (~> 0.1.9)
      database_cleaner (~> 1.5.0)
      db-query-matchers (~> 0.7.0)
      decidim (= 0.0.5)
      factory_girl_rails
      faker (~> 1.7.3)
      i18n-tasks (= 0.9.12)
      launchy
      letter_opener_web (~> 1.3.0)
      listen (~> 3.1.0)
      poltergeist (~> 1.13.0)
      rails-controller-testing (~> 1.0.1)
      rspec-html-matchers (~> 0.9.1)
      rspec-rails (~> 3.5)
      rspec-repeat (~> 1.0.2)
      rubocop (~> 0.47)
      simplecov (~> 0.13)
      webmock (~> 2.3.2)
      wisper-rspec (~> 0.0.3)

PATH
  remote: decidim-meetings
  specs:
    decidim-meetings (0.0.5)
      date_validator (~> 0.9)
      decidim-core (= 0.0.5)
      httparty (~> 0.14.0)
      jquery-tmpl-rails (~> 1.1.0)
      kaminari (~> 1.0.1)
      rectify (~> 0.8)
      searchlight (~> 4.1.0)

PATH
  remote: decidim-pages
  specs:
    decidim-pages (0.0.5)
      decidim-comments (= 0.0.5)
      decidim-core (= 0.0.5)
      rectify (~> 0.8.0)

PATH
  remote: decidim-system
  specs:
    decidim-system (0.0.5)
      active_link_to (~> 1.0.0)
      decidim-core (= 0.0.5)
      devise (~> 4.2)
      devise-i18n (~> 1.1.0)
      devise_invitable (~> 1.7.1)
      foundation_rails_helper (~> 3.0.0.rc)
      jquery-rails (~> 4.2.2)
      rails (~> 5.0.2)
      rectify (~> 0.8.0)
      sassc-rails (~> 1.3.0)

GEM
  remote: https://rubygems.org/
  specs:
    actioncable (5.0.2)
      actionpack (= 5.0.2)
      nio4r (>= 1.2, < 3.0)
      websocket-driver (~> 0.6.1)
    actionmailer (5.0.2)
      actionpack (= 5.0.2)
      actionview (= 5.0.2)
      activejob (= 5.0.2)
      mail (~> 2.5, >= 2.5.4)
      rails-dom-testing (~> 2.0)
    actionpack (5.0.2)
      actionview (= 5.0.2)
      activesupport (= 5.0.2)
      rack (~> 2.0)
      rack-test (~> 0.6.3)
      rails-dom-testing (~> 2.0)
      rails-html-sanitizer (~> 1.0, >= 1.0.2)
    actionview (5.0.2)
      activesupport (= 5.0.2)
      builder (~> 3.1)
      erubis (~> 2.7.0)
      rails-dom-testing (~> 2.0)
      rails-html-sanitizer (~> 1.0, >= 1.0.3)
    active_link_to (1.0.3)
      actionpack
    activejob (5.0.2)
      activesupport (= 5.0.2)
      globalid (>= 0.3.6)
    activemodel (5.0.2)
      activesupport (= 5.0.2)
    activerecord (5.0.2)
      activemodel (= 5.0.2)
      activesupport (= 5.0.2)
      arel (~> 7.0)
    activesupport (5.0.2)
      concurrent-ruby (~> 1.0, >= 1.0.2)
      i18n (~> 0.7)
      minitest (~> 5.1)
      tzinfo (~> 1.1)
    addressable (2.5.0)
      public_suffix (~> 2.0, >= 2.0.2)
    arel (7.1.4)
    ast (2.3.0)
    autoprefixer-rails (6.7.6)
      execjs
    axiom-types (0.1.1)
      descendants_tracker (~> 0.0.4)
      ice_nine (~> 0.11.0)
      thread_safe (~> 0.3, >= 0.3.1)
    babel-source (5.8.35)
    babel-transpiler (0.7.0)
      babel-source (>= 4.0, < 6)
      execjs (~> 2.0)
    bcrypt (3.1.11)
    builder (3.2.3)
    byebug (9.0.6)
    cancancan (1.16.0)
    capybara (2.12.1)
      addressable
      mime-types (>= 1.16)
      nokogiri (>= 1.3.3)
      rack (>= 1.0.0)
      rack-test (>= 0.5.4)
      xpath (~> 2.0)
    capybara-screenshot (1.0.14)
      capybara (>= 1.0, < 3)
      launchy
    carrierwave (1.0.0)
      activemodel (>= 4.0.0)
      activesupport (>= 4.0.0)
      mime-types (>= 1.16)
    cliver (0.3.2)
    codecov (0.1.10)
      json
      simplecov
      url
    coercible (1.0.0)
      descendants_tracker (~> 0.0.1)
    coffee-rails (4.2.1)
      coffee-script (>= 2.2.0)
      railties (>= 4.0.0, < 5.2.x)
    coffee-script (2.4.1)
      coffee-script-source
      execjs
    coffee-script-source (1.12.2)
    concurrent-ruby (1.0.5)
    crack (0.4.3)
      safe_yaml (~> 1.0.0)
    css_parser (1.4.10)
      addressable
    database_cleaner (1.5.3)
    date_validator (0.9.0)
      activemodel
      activesupport
    db-query-matchers (0.7.0)
    descendants_tracker (0.0.4)
      thread_safe (~> 0.3, >= 0.3.1)
    devise (4.2.0)
      bcrypt (~> 3.0)
      orm_adapter (~> 0.1)
      railties (>= 4.1.0, < 5.1)
      responders
      warden (~> 1.2.3)
    devise-i18n (1.1.1)
    devise_invitable (1.7.1)
      actionmailer (>= 4.1.0)
      devise (>= 4.0.0)
    diff-lcs (1.3)
    docile (1.1.5)
    easy_translate (0.5.0)
      json
      thread
      thread_safe
    equalizer (0.0.11)
    erubis (2.7.0)
    execjs (2.7.0)
    factory_girl (4.8.0)
      activesupport (>= 3.0.0)
    factory_girl_rails (4.8.0)
      factory_girl (~> 4.8.0)
      railties (>= 3.0.0)
    faker (1.7.3)
      i18n (~> 0.5)
    faraday (0.11.0)
      multipart-post (>= 1.2, < 3)
    ffi (1.9.17)
    file_validators (2.1.0)
      activemodel (>= 3.0)
      mime-types (>= 1.0)
    foundation-rails (6.3.0.0)
      railties (>= 3.1.0)
      sass (>= 3.3.0, < 3.5)
      sprockets-es6 (>= 0.9.0)
    foundation_rails_helper (3.0.0.rc2)
      actionpack (>= 4.1)
      activemodel (>= 4.1)
      activesupport (>= 4.1)
      railties (>= 4.1)
      tzinfo (~> 1.2, >= 1.2.2)
    geocoder (1.4.3)
    globalid (0.3.7)
      activesupport (>= 4.1.0)
    graphiql-rails (1.4.1)
      rails
    graphql (1.5.1)
    hashdiff (0.3.2)
    hashie (3.5.5)
    high_voltage (3.0.0)
    highline (1.7.8)
    htmlentities (4.3.4)
    httparty (0.14.0)
      multi_xml (>= 0.5.2)
    i18n (0.8.1)
    i18n-tasks (0.9.12)
      activesupport (>= 4.0.2)
      ast (>= 2.1.0)
      easy_translate (>= 0.5.0)
      erubis
      highline (>= 1.7.3)
      i18n
      parser (>= 2.2.3.0)
      term-ansicolor (>= 1.3.2)
      terminal-table (>= 1.5.1)
    ice_nine (0.11.2)
    invisible_captcha (0.9.2)
      rails (>= 3.2.0)
    jquery-rails (4.2.2)
      rails-dom-testing (>= 1, < 3)
      railties (>= 4.2.0)
      thor (>= 0.14, < 2.0)
    jquery-tmpl-rails (1.1.0)
      rails (>= 3.1.0)
    json (2.0.3)
    jwt (1.5.6)
    kaminari (1.0.1)
      activesupport (>= 4.1.0)
      kaminari-actionview (= 1.0.1)
      kaminari-activerecord (= 1.0.1)
      kaminari-core (= 1.0.1)
    kaminari-actionview (1.0.1)
      actionview
      kaminari-core (= 1.0.1)
    kaminari-activerecord (1.0.1)
      activerecord
      kaminari-core (= 1.0.1)
    kaminari-core (1.0.1)
    launchy (2.4.3)
      addressable (~> 2.3)
    letter_opener (1.4.1)
      launchy (~> 2.2)
    letter_opener_web (1.3.1)
      actionmailer (>= 3.2)
      letter_opener (~> 1.0)
      railties (>= 3.2)
    listen (3.1.5)
      rb-fsevent (~> 0.9, >= 0.9.4)
      rb-inotify (~> 0.9, >= 0.9.7)
      ruby_dep (~> 1.2)
    loofah (2.0.3)
      nokogiri (>= 1.5.9)
    mail (2.6.4)
      mime-types (>= 1.16, < 4)
    method_source (0.8.2)
    mime-types (3.1)
      mime-types-data (~> 3.2015)
    mime-types-data (3.2016.0521)
    mini_magick (4.6.1)
    mini_portile2 (2.1.0)
    minitest (5.10.1)
    multi_json (1.12.1)
    multi_xml (0.6.0)
    multipart-post (2.0.0)
    nio4r (2.0.0)
    nokogiri (1.7.0.1)
      mini_portile2 (~> 2.1.0)
    oauth (0.5.1)
    oauth2 (1.3.1)
      faraday (>= 0.8, < 0.12)
      jwt (~> 1.0)
      multi_json (~> 1.3)
      multi_xml (~> 0.5)
      rack (>= 1.2, < 3)
    omniauth (1.6.1)
      hashie (>= 3.4.6, < 3.6.0)
      rack (>= 1.6.2, < 3)
    omniauth-facebook (4.0.0)
      omniauth-oauth2 (~> 1.2)
    omniauth-google-oauth2 (0.4.1)
      jwt (~> 1.5.2)
      multi_json (~> 1.3)
      omniauth (>= 1.1.1)
      omniauth-oauth2 (>= 1.3.1)
    omniauth-oauth (1.1.0)
      oauth
      omniauth (~> 1.0)
    omniauth-oauth2 (1.4.0)
      oauth2 (~> 1.0)
      omniauth (~> 1.2)
    omniauth-twitter (1.4.0)
      omniauth-oauth (~> 1.1)
      rack
    orm_adapter (0.5.0)
    parser (2.4.0.0)
      ast (~> 2.2)
    pg (0.19.0)
    poltergeist (1.13.0)
      capybara (~> 2.1)
      cliver (~> 0.3.1)
      websocket-driver (>= 0.2.0)
    powerpack (0.1.1)
    premailer (1.10.2)
      addressable
      css_parser (>= 1.4.10)
      htmlentities (>= 4.0.0)
    premailer-rails (1.9.5)
      actionmailer (>= 3, < 6)
      premailer (~> 1.7, >= 1.7.9)
    public_suffix (2.0.5)
    rack (2.0.1)
    rack-cors (0.4.1)
    rack-test (0.6.3)
      rack (>= 1.0)
    rails (5.0.2)
      actioncable (= 5.0.2)
      actionmailer (= 5.0.2)
      actionpack (= 5.0.2)
      actionview (= 5.0.2)
      activejob (= 5.0.2)
      activemodel (= 5.0.2)
      activerecord (= 5.0.2)
      activesupport (= 5.0.2)
      bundler (>= 1.3.0, < 2.0)
      railties (= 5.0.2)
      sprockets-rails (>= 2.0.0)
    rails-controller-testing (1.0.1)
      actionpack (~> 5.x)
      actionview (~> 5.x)
      activesupport (~> 5.x)
    rails-dom-testing (2.0.2)
      activesupport (>= 4.2.0, < 6.0)
      nokogiri (~> 1.6)
    rails-html-sanitizer (1.0.3)
      loofah (~> 2.0)
    rails-i18n (5.0.3)
      i18n (~> 0.7)
      railties (~> 5.0)
    railties (5.0.2)
      actionpack (= 5.0.2)
      activesupport (= 5.0.2)
      method_source
      rake (>= 0.8.7)
      thor (>= 0.18.1, < 2.0)
    rainbow (2.2.1)
    rake (12.0.0)
    rb-fsevent (0.9.8)
    rb-inotify (0.9.8)
      ffi (>= 0.5.0)
    rectify (0.8.0)
      activemodel (>= 4.1.0)
      activerecord (>= 4.1.0)
      activesupport (>= 4.1.0)
      virtus (~> 1.0.5)
      wisper (>= 1.6.1)
    redis (3.3.3)
    responders (2.3.0)
      railties (>= 4.2.0, < 5.1)
    rspec (3.5.0)
      rspec-core (~> 3.5.0)
      rspec-expectations (~> 3.5.0)
      rspec-mocks (~> 3.5.0)
    rspec-core (3.5.4)
      rspec-support (~> 3.5.0)
    rspec-expectations (3.5.0)
      diff-lcs (>= 1.2.0, < 2.0)
      rspec-support (~> 3.5.0)
    rspec-html-matchers (0.9.1)
      nokogiri (~> 1)
      rspec (>= 3.0.0.a, < 4)
    rspec-mocks (3.5.0)
      diff-lcs (>= 1.2.0, < 2.0)
      rspec-support (~> 3.5.0)
    rspec-rails (3.5.2)
      actionpack (>= 3.0)
      activesupport (>= 3.0)
      railties (>= 3.0)
      rspec-core (~> 3.5.0)
      rspec-expectations (~> 3.5.0)
      rspec-mocks (~> 3.5.0)
      rspec-support (~> 3.5.0)
    rspec-repeat (1.0.2)
      rspec (~> 3.0)
    rspec-support (3.5.0)
    rubocop (0.47.1)
      parser (>= 2.3.3.1, < 3.0)
      powerpack (~> 0.1)
      rainbow (>= 1.99.1, < 3.0)
      ruby-progressbar (~> 1.7)
      unicode-display_width (~> 1.0, >= 1.0.1)
    ruby-progressbar (1.8.1)
    ruby_dep (1.5.0)
    safe_yaml (1.0.4)
    sass (3.4.23)
    sassc (1.11.2)
      bundler
      ffi (~> 1.9.6)
      sass (>= 3.3.0)
    sassc-rails (1.3.0)
      railties (>= 4.0.0)
      sass
      sassc (~> 1.9)
      sprockets (> 2.11)
      sprockets-rails
      tilt
    searchlight (4.1.0)
    simplecov (0.13.0)
      docile (~> 1.1.0)
      json (>= 1.8, < 3)
      simplecov-html (~> 0.10.0)
    simplecov-html (0.10.0)
    social-share-button (0.9.0)
      coffee-rails
    sprockets (3.7.1)
      concurrent-ruby (~> 1.0)
      rack (> 1, < 3)
    sprockets-es6 (0.9.2)
      babel-source (>= 5.8.11)
      babel-transpiler
      sprockets (>= 3.0.0)
    sprockets-rails (3.2.0)
      actionpack (>= 4.0)
      activesupport (>= 4.0)
      sprockets (>= 3.0.0)
    term-ansicolor (1.4.0)
      tins (~> 1.0)
    terminal-table (1.7.3)
      unicode-display_width (~> 1.1.1)
    thor (0.19.4)
    thread (0.2.2)
    thread_safe (0.3.6)
    tilt (2.0.6)
    tins (1.13.2)
    truncato (0.7.9)
      htmlentities (~> 4.3.1)
      nokogiri (~> 1.7.0)
    tzinfo (1.2.2)
      thread_safe (~> 0.1)
    unicode-display_width (1.1.3)
    url (0.3.2)
    virtus (1.0.5)
      axiom-types (~> 0.1)
      coercible (~> 1.0)
      descendants_tracker (~> 0.0, >= 0.0.3)
      equalizer (~> 0.0, >= 0.0.9)
    warden (1.2.7)
      rack (>= 1.0)
    webmock (2.3.2)
      addressable (>= 2.3.6)
      crack (>= 0.3.2)
      hashdiff
    websocket-driver (0.6.5)
      websocket-extensions (>= 0.1.0)
    websocket-extensions (0.1.2)
    wisper (1.6.1)
    wisper-rspec (0.0.3)
    xpath (2.0.0)
      nokogiri (~> 1.3)

PLATFORMS
  ruby

DEPENDENCIES
  bundler (~> 1.12)
  decidim!
  decidim-admin!
  decidim-api!
  decidim-comments!
  decidim-core!
  decidim-dev!
  decidim-meetings!
  decidim-pages!
  decidim-proposals (= 0.0.5)
  decidim-results (= 0.0.5)
  decidim-system!
  rake (~> 12.0.0)
  rspec (~> 3.0)

RUBY VERSION
   ruby 2.4.0p0

BUNDLED WITH
   1.14.3
