PATH
  remote: ..
  specs:
    decidim (0.28.0.dev)
      decidim-accountability (= 0.28.0.dev)
      decidim-admin (= 0.28.0.dev)
      decidim-api (= 0.28.0.dev)
      decidim-assemblies (= 0.28.0.dev)
      decidim-blogs (= 0.28.0.dev)
      decidim-budgets (= 0.28.0.dev)
      decidim-comments (= 0.28.0.dev)
      decidim-core (= 0.28.0.dev)
      decidim-debates (= 0.28.0.dev)
      decidim-forms (= 0.28.0.dev)
      decidim-generators (= 0.28.0.dev)
      decidim-meetings (= 0.28.0.dev)
      decidim-pages (= 0.28.0.dev)
      decidim-participatory_processes (= 0.28.0.dev)
      decidim-proposals (= 0.28.0.dev)
      decidim-sortitions (= 0.28.0.dev)
      decidim-surveys (= 0.28.0.dev)
      decidim-system (= 0.28.0.dev)
      decidim-templates (= 0.28.0.dev)
      decidim-verifications (= 0.28.0.dev)
    decidim-accountability (0.28.0.dev)
      decidim-comments (= 0.28.0.dev)
      decidim-core (= 0.28.0.dev)
    decidim-admin (0.28.0.dev)
      active_link_to (~> 1.0)
      decidim-core (= 0.28.0.dev)
      devise (~> 4.7)
      devise-i18n (~> 1.2)
      devise_invitable (~> 2.0)
    decidim-api (0.28.0.dev)
      graphql (~> 1.12, < 1.13)
      graphql-docs (~> 2.1.0)
      rack-cors (~> 1.0)
    decidim-assemblies (0.28.0.dev)
      decidim-core (= 0.28.0.dev)
    decidim-blogs (0.28.0.dev)
      decidim-admin (= 0.28.0.dev)
      decidim-comments (= 0.28.0.dev)
      decidim-core (= 0.28.0.dev)
    decidim-budgets (0.28.0.dev)
      decidim-comments (= 0.28.0.dev)
      decidim-core (= 0.28.0.dev)
    decidim-comments (0.28.0.dev)
      decidim-core (= 0.28.0.dev)
      redcarpet (~> 3.5, >= 3.5.1)
    decidim-conferences (0.28.0.dev)
      decidim-core (= 0.28.0.dev)
      decidim-meetings (= 0.28.0.dev)
      wicked_pdf (~> 2.1)
      wkhtmltopdf-binary (~> 0.12)
    decidim-consultations (0.28.0.dev)
      decidim-admin (= 0.28.0.dev)
      decidim-comments (= 0.28.0.dev)
      decidim-core (= 0.28.0.dev)
    decidim-core (0.28.0.dev)
      active_link_to (~> 1.0)
      acts_as_list (~> 1.0)
      batch-loader (~> 1.2)
      browser (~> 2.7)
      carrierwave (~> 2.2.1)
      cells-erb (~> 0.1.0)
      cells-rails (~> 0.1.3)
      charlock_holmes (~> 0.7)
      date_validator (~> 0.12.0)
      decidim-api (= 0.28.0.dev)
      devise (~> 4.7)
      devise-i18n (~> 1.2)
      diffy (~> 3.3)
      doorkeeper (~> 5.1)
      doorkeeper-i18n (~> 4.0)
      file_validators (~> 3.0)
      fog-local (~> 0.6)
      foundation_rails_helper (~> 4.0)
      geocoder (~> 1.8)
      hashdiff (>= 0.4.0, < 2.0.0)
      invisible_captcha (~> 0.12)
      kaminari (~> 1.2, >= 1.2.1)
      loofah (~> 2.3.1)
      mime-types (>= 1.16, < 4.0)
      mini_magick (~> 4.9)
      mustache (~> 1.1.0)
      net-smtp (~> 0.3.1)
      omniauth (~> 2.0)
      omniauth-facebook (~> 5.0)
      omniauth-google-oauth2 (~> 1.0)
      omniauth-rails_csrf_protection (~> 1.0)
      omniauth-twitter (~> 1.4)
      paper_trail (~> 12.0)
      pg (~> 1.4.0, < 2)
      pg_search (~> 2.2)
      premailer-rails (~> 1.10)
      psych (~> 4.0)
      rack (~> 2.2, >= 2.2.3)
      rack-attack (~> 6.0)
      rails (~> 6.1.5)
      rails-i18n (~> 6.0)
      ransack (~> 3.2.1)
      redis (~> 4.1)
      request_store (~> 1.5.0)
      rubyXL (~> 3.4)
      rubyzip (~> 2.0)
      seven_zip_ruby (~> 1.3)
      turbo-rails (~> 1.3.0)
      valid_email2 (~> 4.0)
      web-push (~> 3.0)
      webpacker (= 6.0.0.rc.5)
      wisper (~> 2.0)
    decidim-debates (0.28.0.dev)
      decidim-comments (= 0.28.0.dev)
      decidim-core (= 0.28.0.dev)
    decidim-dev (0.28.0.dev)
      byebug (~> 11.0)
      capybara (~> 3.24)
      db-query-matchers (~> 0.10.0)
      decidim (= 0.28.0.dev)
      erb_lint (~> 0.0.35)
      factory_bot_rails (~> 4.8)
      i18n-tasks (~> 0.9.18)
      nokogiri (~> 1.13)
      parallel_tests (~> 3.7)
      puma (~> 5.0)
      rails-controller-testing (~> 1.0)
      rspec-cells (~> 0.3.7)
      rspec-html-matchers (~> 0.9.1)
      rspec-rails (~> 4.0)
      rspec-retry (~> 0.6.2)
      rspec_junit_formatter (~> 0.3.0)
      rubocop (~> 1.28.0)
      rubocop-faker (~> 1.1)
      rubocop-rails (~> 2.14)
      rubocop-rspec (~> 2.10)
      selenium-webdriver (~> 4.1.0)
      simplecov (~> 0.21.0)
      simplecov-cobertura (~> 2.1.0)
      w3c_rspec_validators (~> 0.3.0)
      webmock (~> 3.6)
      wisper-rspec (~> 1.0)
    decidim-elections (0.28.0.dev)
      decidim-bulletin_board (~> 0.24.1)
      decidim-core (= 0.28.0.dev)
      decidim-forms (= 0.28.0.dev)
      decidim-proposals (= 0.28.0.dev)
      rack-attack (~> 6.0)
      voting_schemes-dummy (~> 0.24.1)
      voting_schemes-electionguard (~> 0.24.1)
    decidim-forms (0.28.0.dev)
      decidim-core (= 0.28.0.dev)
      wicked_pdf (~> 2.1)
      wkhtmltopdf-binary (~> 0.12)
    decidim-generators (0.28.0.dev)
      decidim-core (= 0.28.0.dev)
    decidim-initiatives (0.28.0.dev)
      decidim-admin (= 0.28.0.dev)
      decidim-comments (= 0.28.0.dev)
      decidim-core (= 0.28.0.dev)
      decidim-verifications (= 0.28.0.dev)
      origami (~> 2.1)
      rexml (~> 3.2.5)
      wicked (~> 1.3)
      wicked_pdf (~> 2.1)
      wkhtmltopdf-binary (~> 0.12)
    decidim-meetings (0.28.0.dev)
      decidim-core (= 0.28.0.dev)
      decidim-forms (= 0.28.0.dev)
      icalendar (~> 2.5)
    decidim-pages (0.28.0.dev)
      decidim-core (= 0.28.0.dev)
    decidim-participatory_processes (0.28.0.dev)
      decidim-core (= 0.28.0.dev)
    decidim-proposals (0.28.0.dev)
      decidim-comments (= 0.28.0.dev)
      decidim-core (= 0.28.0.dev)
      doc2text (~> 0.4.5)
      redcarpet (~> 3.5, >= 3.5.1)
    decidim-sortitions (0.28.0.dev)
      decidim-admin (= 0.28.0.dev)
      decidim-comments (= 0.28.0.dev)
      decidim-core (= 0.28.0.dev)
      decidim-proposals (= 0.28.0.dev)
    decidim-surveys (0.28.0.dev)
      decidim-core (= 0.28.0.dev)
      decidim-forms (= 0.28.0.dev)
      decidim-templates (= 0.28.0.dev)
    decidim-system (0.28.0.dev)
      active_link_to (~> 1.0)
      decidim-core (= 0.28.0.dev)
      devise (~> 4.7)
      devise-i18n (~> 1.2)
      devise_invitable (~> 2.0)
    decidim-templates (0.28.0.dev)
      decidim-core (= 0.28.0.dev)
      decidim-forms (= 0.28.0.dev)
    decidim-verifications (0.28.0.dev)
      decidim-core (= 0.28.0.dev)

GEM
  remote: https://rubygems.org/
  specs:
    actioncable (6.1.6)
      actionpack (= 6.1.6)
      activesupport (= 6.1.6)
      nio4r (~> 2.0)
      websocket-driver (>= 0.6.1)
    actionmailbox (6.1.6)
      actionpack (= 6.1.6)
      activejob (= 6.1.6)
      activerecord (= 6.1.6)
      activestorage (= 6.1.6)
      activesupport (= 6.1.6)
      mail (>= 2.7.1)
    actionmailer (6.1.6)
      actionpack (= 6.1.6)
      actionview (= 6.1.6)
      activejob (= 6.1.6)
      activesupport (= 6.1.6)
      mail (~> 2.5, >= 2.5.4)
      rails-dom-testing (~> 2.0)
    actionpack (6.1.6)
      actionview (= 6.1.6)
      activesupport (= 6.1.6)
      rack (~> 2.0, >= 2.0.9)
      rack-test (>= 0.6.3)
      rails-dom-testing (~> 2.0)
      rails-html-sanitizer (~> 1.0, >= 1.2.0)
    actiontext (6.1.6)
      actionpack (= 6.1.6)
      activerecord (= 6.1.6)
      activestorage (= 6.1.6)
      activesupport (= 6.1.6)
      nokogiri (>= 1.8.5)
    actionview (6.1.6)
      activesupport (= 6.1.6)
      builder (~> 3.1)
      erubi (~> 1.4)
      rails-dom-testing (~> 2.0)
      rails-html-sanitizer (~> 1.1, >= 1.2.0)
    active_link_to (1.0.5)
      actionpack
      addressable
    activejob (6.1.6)
      activesupport (= 6.1.6)
      globalid (>= 0.3.6)
    activemodel (6.1.6)
      activesupport (= 6.1.6)
    activerecord (6.1.6)
      activemodel (= 6.1.6)
      activesupport (= 6.1.6)
    activestorage (6.1.6)
      actionpack (= 6.1.6)
      activejob (= 6.1.6)
      activerecord (= 6.1.6)
      activesupport (= 6.1.6)
      marcel (~> 1.0)
      mini_mime (>= 1.1.0)
    activesupport (6.1.6)
      concurrent-ruby (~> 1.0, >= 1.0.2)
      i18n (>= 1.6, < 2)
      minitest (>= 5.1)
      tzinfo (~> 2.0)
      zeitwerk (~> 2.3)
    acts_as_list (1.0.4)
      activerecord (>= 4.2)
    addressable (2.8.0)
      public_suffix (>= 2.0.2, < 5.0)
    ast (2.4.2)
    batch-loader (1.5.0)
    bcrypt (3.1.18)
    better_html (1.0.16)
      actionview (>= 4.0)
      activesupport (>= 4.0)
      ast (~> 2.0)
      erubi (~> 1.4)
      html_tokenizer (~> 0.0.6)
      parser (>= 2.4)
      smart_properties
    bindex (0.8.1)
    bootsnap (1.10.3)
      msgpack (~> 1.2)
    brakeman (5.2.3)
    browser (2.7.1)
    builder (3.2.4)
    byebug (11.1.3)
    capybara (3.37.1)
      addressable
      matrix
      mini_mime (>= 0.1.3)
      nokogiri (~> 1.8)
      rack (>= 1.6.0)
      rack-test (>= 0.6.3)
      regexp_parser (>= 1.5, < 3.0)
      xpath (~> 3.2)
    carrierwave (2.2.2)
      activemodel (>= 5.0.0)
      activesupport (>= 5.0.0)
      addressable (~> 2.6)
      image_processing (~> 1.1)
      marcel (~> 1.0.0)
      mini_mime (>= 0.1.3)
      ssrf_filter (~> 1.0)
    cells (4.1.7)
      declarative-builder (< 0.2.0)
      declarative-option (< 0.2.0)
      tilt (>= 1.4, < 3)
      uber (< 0.2.0)
    cells-erb (0.1.0)
      cells (~> 4.0)
      erbse (>= 0.1.1)
    cells-rails (0.1.5)
      actionpack (>= 5.0)
      cells (>= 4.1.6, < 5.0.0)
    charlock_holmes (0.7.7)
    childprocess (4.1.0)
    colorize (0.8.1)
    commonmarker (0.23.5)
    concurrent-ruby (1.1.10)
    crack (0.4.5)
      rexml
    crass (1.0.6)
    css_parser (1.11.0)
      addressable
    date_validator (0.12.0)
      activemodel (>= 3)
      activesupport (>= 3)
    db-query-matchers (0.10.0)
      activesupport (>= 4.0, < 7)
      rspec (~> 3.0)
    decidim-bulletin_board (0.24.1)
      byebug (~> 11.0)
      graphlient (~> 0.5.0)
      jwt (~> 2.5.0)
      rails (~> 6.0, >= 5.0.0)
      wisper (~> 2.0.0)
    declarative-builder (0.1.0)
      declarative-option (< 0.2.0)
    declarative-option (0.1.0)
    devise (4.8.1)
      bcrypt (~> 3.0)
      orm_adapter (~> 0.1)
      railties (>= 4.1.0)
      responders
      warden (~> 1.2.3)
    devise-i18n (1.10.2)
      devise (>= 4.8.0)
    devise_invitable (2.0.6)
      actionmailer (>= 5.0)
      devise (>= 4.6)
    diff-lcs (1.5.0)
    diffy (3.4.2)
    digest (3.1.0)
    doc2text (0.4.5)
      nokogiri (>= 1.13.2, < 1.14.0)
      rubyzip (~> 2.3.0)
    docile (1.4.0)
    doorkeeper (5.5.4)
      railties (>= 5)
    doorkeeper-i18n (4.0.1)
    erb_lint (0.0.37)
      activesupport
      better_html (~> 1.0.7)
      html_tokenizer
      parser (>= 2.7.1.4)
      rainbow
      rubocop
      smart_properties
    erbse (0.1.4)
      temple
    erubi (1.10.0)
    escape_utils (1.3.0)
    excon (0.92.3)
    extended-markdown-filter (0.7.0)
      html-pipeline (~> 2.9)
    factory_bot (4.11.1)
      activesupport (>= 3.0.0)
    factory_bot_rails (4.11.1)
      factory_bot (~> 4.11.1)
      railties (>= 3.0.0)
    faker (2.19.0)
      i18n (>= 1.6, < 2)
    faraday (1.10.0)
      faraday-em_http (~> 1.0)
      faraday-em_synchrony (~> 1.0)
      faraday-excon (~> 1.1)
      faraday-httpclient (~> 1.0)
      faraday-multipart (~> 1.0)
      faraday-net_http (~> 1.0)
      faraday-net_http_persistent (~> 1.0)
      faraday-patron (~> 1.0)
      faraday-rack (~> 1.0)
      faraday-retry (~> 1.0)
      ruby2_keywords (>= 0.0.4)
    faraday-em_http (1.0.0)
    faraday-em_synchrony (1.0.0)
    faraday-excon (1.1.0)
    faraday-httpclient (1.0.1)
    faraday-multipart (1.0.4)
      multipart-post (~> 2)
    faraday-net_http (1.0.1)
    faraday-net_http_persistent (1.2.0)
    faraday-patron (1.0.0)
    faraday-rack (1.0.0)
    faraday-retry (1.0.3)
    faraday_middleware (1.2.0)
      faraday (~> 1.0)
    ffi (1.15.5)
    file_validators (3.0.0)
      activemodel (>= 3.2)
      mime-types (>= 1.0)
    fog-core (2.3.0)
      builder
      excon (~> 0.71)
      formatador (>= 0.2, < 2.0)
      mime-types
    fog-local (0.8.0)
      fog-core (>= 1.27, < 3.0)
    formatador (1.1.0)
    foundation_rails_helper (4.0.1)
      actionpack (>= 4.1, < 7.1)
      activemodel (>= 4.1, < 7.1)
      activesupport (>= 4.1, < 7.1)
      railties (>= 4.1, < 7.1)
    gemoji (3.0.1)
    geocoder (1.8.0)
    globalid (1.0.0)
      activesupport (>= 5.0)
    graphlient (0.5.0)
      faraday (>= 1.0)
      faraday_middleware
      graphql-client
    graphql (1.12.24)
    graphql-client (0.18.0)
      activesupport (>= 3.0)
      graphql
    graphql-docs (2.1.0)
      commonmarker (~> 0.16)
      escape_utils (~> 1.2)
      extended-markdown-filter (~> 0.4)
      gemoji (~> 3.0)
      graphql (~> 1.12)
      html-pipeline (~> 2.9)
      sass (~> 3.4)
    hashdiff (1.0.1)
    hashie (5.0.0)
    highline (2.0.3)
    hkdf (1.0.0)
    html-pipeline (2.14.2)
      activesupport (>= 2)
      nokogiri (>= 1.4)
    html_tokenizer (0.0.7)
    htmlentities (4.3.4)
    i18n (1.12.0)
      concurrent-ruby (~> 1.0)
    i18n-tasks (0.9.37)
      activesupport (>= 4.0.2)
      ast (>= 2.1.0)
      erubi
      highline (>= 2.0.0)
      i18n
      parser (>= 2.2.3.0)
      rails-i18n
      rainbow (>= 2.2.2, < 4.0)
      terminal-table (>= 1.5.1)
    icalendar (2.7.1)
      ice_cube (~> 0.16)
    ice_cube (0.16.4)
    image_processing (1.12.2)
      mini_magick (>= 4.9.5, < 5)
      ruby-vips (>= 2.0.17, < 3)
    invisible_captcha (0.13.0)
      rails (>= 3.2.0)
    json (2.6.2)
    jwt (2.5.0)
    kaminari (1.2.2)
      activesupport (>= 4.1.0)
      kaminari-actionview (= 1.2.2)
      kaminari-activerecord (= 1.2.2)
      kaminari-core (= 1.2.2)
    kaminari-actionview (1.2.2)
      actionview
      kaminari-core (= 1.2.2)
    kaminari-activerecord (1.2.2)
      activerecord
      kaminari-core (= 1.2.2)
    kaminari-core (1.2.2)
    launchy (2.5.0)
      addressable (~> 2.7)
    letter_opener (1.8.1)
      launchy (>= 2.2, < 3)
    letter_opener_web (2.0.0)
      actionmailer (>= 5.2)
      letter_opener (~> 1.7)
      railties (>= 5.2)
      rexml
    listen (3.7.1)
      rb-fsevent (~> 0.10, >= 0.10.3)
      rb-inotify (~> 0.9, >= 0.9.10)
    loofah (2.3.1)
      crass (~> 1.0.2)
      nokogiri (>= 1.5.9)
    mail (2.7.1)
      mini_mime (>= 0.1.1)
    marcel (1.0.2)
    matrix (0.4.2)
    method_source (1.0.0)
    mime-types (3.4.1)
      mime-types-data (~> 3.2015)
    mime-types-data (3.2022.0105)
    mini_magick (4.11.0)
    mini_mime (1.1.2)
    mini_portile2 (2.8.0)
    minitest (5.16.3)
    msgpack (1.4.5)
    multi_json (1.15.0)
    multi_xml (0.6.0)
    multipart-post (2.2.3)
    mustache (1.1.1)
    net-imap (0.2.3)
      digest
      net-protocol
      strscan
    net-pop (0.1.1)
      digest
      net-protocol
      timeout
    net-protocol (0.1.3)
      timeout
    net-smtp (0.3.1)
      digest
      net-protocol
      timeout
    nio4r (2.5.8)
    nokogiri (1.13.6)
      mini_portile2 (~> 2.8.0)
      racc (~> 1.4)
    oauth (0.5.10)
    oauth2 (1.4.9)
      faraday (>= 0.17.3, < 3.0)
      jwt (>= 1.0, < 3.0)
      multi_json (~> 1.3)
      multi_xml (~> 0.5)
      rack (>= 1.2, < 3)
    omniauth (2.1.0)
      hashie (>= 3.4.6)
      rack (>= 2.2.3)
      rack-protection
    omniauth-facebook (5.0.0)
      omniauth-oauth2 (~> 1.2)
    omniauth-google-oauth2 (1.0.1)
      jwt (>= 2.0)
      oauth2 (~> 1.1)
      omniauth (~> 2.0)
      omniauth-oauth2 (~> 1.7.1)
    omniauth-oauth (1.2.0)
      oauth
      omniauth (>= 1.0, < 3)
    omniauth-oauth2 (1.7.3)
      oauth2 (>= 1.4, < 3)
      omniauth (>= 1.9, < 3)
    omniauth-rails_csrf_protection (1.0.1)
      actionpack (>= 4.2)
      omniauth (~> 2.0)
    omniauth-twitter (1.4.0)
      omniauth-oauth (~> 1.1)
      rack
    openssl (3.1.0)
    origami (2.1.0)
      colorize (~> 0.7)
    orm_adapter (0.5.0)
    paper_trail (12.3.0)
      activerecord (>= 5.2)
      request_store (~> 1.1)
    parallel (1.22.1)
    parallel_tests (3.11.0)
      parallel
    parser (3.1.2.0)
      ast (~> 2.4.1)
    pg (1.4.1)
    pg_search (2.3.6)
      activerecord (>= 5.2)
      activesupport (>= 5.2)
    premailer (1.16.0)
      addressable
      css_parser (>= 1.6.0)
      htmlentities (>= 4.0.0)
    premailer-rails (1.11.1)
      actionmailer (>= 3)
      premailer (~> 1.7, >= 1.7.9)
    psych (4.0.6)
      stringio
    public_suffix (4.0.7)
    puma (5.6.4)
      nio4r (~> 2.0)
    racc (1.6.0)
    rack (2.2.3.1)
    rack-attack (6.6.1)
      rack (>= 1.0, < 3)
    rack-cors (1.1.1)
      rack (>= 2.0.0)
    rack-protection (2.2.0)
      rack
    rack-proxy (0.7.2)
      rack
    rack-test (1.1.0)
      rack (>= 1.0, < 3)
    rails (6.1.6)
      actioncable (= 6.1.6)
      actionmailbox (= 6.1.6)
      actionmailer (= 6.1.6)
      actionpack (= 6.1.6)
      actiontext (= 6.1.6)
      actionview (= 6.1.6)
      activejob (= 6.1.6)
      activemodel (= 6.1.6)
      activerecord (= 6.1.6)
      activestorage (= 6.1.6)
      activesupport (= 6.1.6)
      bundler (>= 1.15.0)
      railties (= 6.1.6)
      sprockets-rails (>= 2.0.0)
    rails-controller-testing (1.0.5)
      actionpack (>= 5.0.1.rc1)
      actionview (>= 5.0.1.rc1)
      activesupport (>= 5.0.1.rc1)
    rails-dom-testing (2.0.3)
      activesupport (>= 4.2.0)
      nokogiri (>= 1.6)
    rails-html-sanitizer (1.4.2)
      loofah (~> 2.3)
    rails-i18n (6.0.0)
      i18n (>= 0.7, < 2)
      railties (>= 6.0.0, < 7)
    railties (6.1.6)
      actionpack (= 6.1.6)
      activesupport (= 6.1.6)
      method_source
      rake (>= 12.2)
      thor (~> 1.0)
    rainbow (3.1.1)
    rake (13.0.6)
    ransack (3.2.1)
      activerecord (>= 6.1.5)
      activesupport (>= 6.1.5)
      i18n
    rb-fsevent (0.11.1)
    rb-inotify (0.10.1)
      ffi (~> 1.0)
    redcarpet (3.5.1)
    redis (4.6.0)
    regexp_parser (2.5.0)
    request_store (1.5.1)
      rack (>= 1.4)
    responders (3.0.1)
      actionpack (>= 5.0)
      railties (>= 5.0)
    rexml (3.2.5)
    rspec (3.11.0)
      rspec-core (~> 3.11.0)
      rspec-expectations (~> 3.11.0)
      rspec-mocks (~> 3.11.0)
    rspec-cells (0.3.7)
      cells (>= 4.0.0, < 6.0.0)
      rspec-rails (< 6.0)
    rspec-core (3.11.0)
      rspec-support (~> 3.11.0)
    rspec-expectations (3.11.0)
      diff-lcs (>= 1.2.0, < 2.0)
      rspec-support (~> 3.11.0)
    rspec-html-matchers (0.9.4)
      nokogiri (~> 1)
      rspec (>= 3.0.0.a, < 4)
    rspec-mocks (3.11.1)
      diff-lcs (>= 1.2.0, < 2.0)
      rspec-support (~> 3.11.0)
    rspec-rails (4.1.2)
      actionpack (>= 4.2)
      activesupport (>= 4.2)
      railties (>= 4.2)
      rspec-core (~> 3.10)
      rspec-expectations (~> 3.10)
      rspec-mocks (~> 3.10)
      rspec-support (~> 3.10)
    rspec-retry (0.6.2)
      rspec-core (> 3.3)
    rspec-support (3.11.0)
    rspec_junit_formatter (0.3.0)
      rspec-core (>= 2, < 4, != 2.12.0)
    rubocop (1.28.2)
      parallel (~> 1.10)
      parser (>= 3.1.0.0)
      rainbow (>= 2.2.2, < 4.0)
      regexp_parser (>= 1.8, < 3.0)
      rexml
      rubocop-ast (>= 1.17.0, < 2.0)
      ruby-progressbar (~> 1.7)
      unicode-display_width (>= 1.4.0, < 3.0)
    rubocop-ast (1.18.0)
      parser (>= 3.1.1.0)
    rubocop-faker (1.1.0)
      faker (>= 2.12.0)
      rubocop (>= 0.82.0)
    rubocop-rails (2.15.0)
      activesupport (>= 4.2.0)
      rack (>= 1.1)
      rubocop (>= 1.7.0, < 2.0)
    rubocop-rspec (2.11.1)
      rubocop (~> 1.19)
    ruby-progressbar (1.11.0)
    ruby-vips (2.1.4)
      ffi (~> 1.12)
    ruby2_keywords (0.0.5)
    rubyXL (3.4.25)
      nokogiri (>= 1.10.8)
      rubyzip (>= 1.3.0)
    rubyzip (2.3.2)
    sass (3.7.4)
      sass-listen (~> 4.0.0)
    sass-listen (4.0.0)
      rb-fsevent (~> 0.9, >= 0.9.4)
      rb-inotify (~> 0.9, >= 0.9.7)
    selenium-webdriver (4.1.0)
      childprocess (>= 0.5, < 5.0)
      rexml (~> 3.2, >= 3.2.5)
      rubyzip (>= 1.2.2)
    semantic_range (3.0.0)
    seven_zip_ruby (1.3.0)
    simplecov (0.21.2)
      docile (~> 1.1)
      simplecov-html (~> 0.11)
      simplecov_json_formatter (~> 0.1)
    simplecov-cobertura (2.1.0)
      rexml
      simplecov (~> 0.19)
    simplecov-html (0.12.3)
    simplecov_json_formatter (0.1.4)
    smart_properties (1.17.0)
    spring (2.1.1)
    spring-watcher-listen (2.0.1)
      listen (>= 2.7, < 4.0)
      spring (>= 1.2, < 3.0)
    sprockets (4.0.3)
      concurrent-ruby (~> 1.0)
      rack (> 1, < 3)
    sprockets-rails (3.4.2)
      actionpack (>= 5.2)
      activesupport (>= 5.2)
      sprockets (>= 3.0.0)
    ssrf_filter (1.0.7)
    stringio (3.0.5)
    strscan (3.0.3)
    temple (0.8.2)
    terminal-table (3.0.2)
      unicode-display_width (>= 1.1.1, < 3)
    thor (1.2.1)
    tilt (2.0.10)
    timeout (0.3.0)
    turbo-rails (1.3.0)
      actionpack (>= 6.0.0)
      activejob (>= 6.0.0)
      railties (>= 6.0.0)
    tzinfo (2.0.5)
      concurrent-ruby (~> 1.0)
    uber (0.1.0)
    unicode-display_width (2.1.0)
    valid_email2 (4.0.3)
      activemodel (>= 3.2)
      mail (~> 2.5)
    voting_schemes-dummy (0.24.1)
      rails (>= 5.0.0)
    voting_schemes-electionguard (0.24.1)
      rails (>= 5.0.0)
    w3c_rspec_validators (0.3.0)
      rails
      rspec
      w3c_validators
    w3c_validators (1.3.7)
      json (>= 1.8)
      nokogiri (~> 1.6)
      rexml (~> 3.2)
    warden (1.2.9)
      rack (>= 2.0.9)
    web-console (4.2.0)
      actionview (>= 6.0.0)
      activemodel (>= 6.0.0)
      bindex (>= 0.4.0)
      railties (>= 6.0.0)
    web-push (3.0.0)
      hkdf (~> 1.0)
      jwt (~> 2.0)
      openssl (~> 3.0)
    webmock (3.14.0)
      addressable (>= 2.8.0)
      crack (>= 0.3.2)
      hashdiff (>= 0.4.0, < 2.0.0)
    webpacker (6.0.0.rc.5)
      activesupport (>= 5.2)
      rack-proxy (>= 0.6.1)
      railties (>= 5.2)
      semantic_range (>= 2.3.0)
    websocket-driver (0.7.5)
      websocket-extensions (>= 0.1.0)
    websocket-extensions (0.1.5)
    wicked (1.4.0)
      railties (>= 3.0.7)
    wicked_pdf (2.1.0)
      activesupport
    wisper (2.0.1)
    wisper-rspec (1.1.0)
    wkhtmltopdf-binary (0.12.6.5)
    xpath (3.2.0)
      nokogiri (~> 1.8)
    zeitwerk (2.6.6)

PLATFORMS
  ruby

DEPENDENCIES
  bootsnap (~> 1.3)
  brakeman (~> 5.2)
  byebug (~> 11.0)
  decidim!
  decidim-conferences!
  decidim-consultations!
  decidim-dev!
  decidim-elections!
  decidim-initiatives!
  decidim-templates!
  faker (~> 2.14)
  letter_opener_web (~> 2.0)
  listen (~> 3.1)
  net-imap (~> 0.2.3)
  net-pop (~> 0.1.1)
  net-smtp (~> 0.3.1)
  puma (>= 5.0.0)
  spring (~> 2.0)
  spring-watcher-listen (~> 2.0)
  web-console (~> 4.2)
  wicked_pdf (~> 2.1)

RUBY VERSION
   ruby 3.1.1p18

BUNDLED WITH
   2.4.6
